GEM
  remote: https://rubygems.org/
  specs:
    master (0.1.0)
    thread_safe (0.3.6)
    tzinfo (1.2.10)
      thread_safe (~> 0.1)
    tzinfo-data (1.2019.3)
      tzinfo (>= 1.0.0)
    wdm (0.1.1)

PLATFORMS
  ruby

DEPENDENCIES
  master
  tzinfo (~> 1.2)
  tzinfo-data
  wdm (~> 0.1.1)

RUBY VERSION
   ruby 2.5.1p57

BUNDLED WITH
   2.0.2
